PATH
  remote: .
  specs:
    meshchat (0.12.1)
      action_cable_client (>= 1.3.2)
      activerecord (>= 5.0.0.rc1)
      activesupport (>= 5.0.0.rc1)
      awesome_print (>= 1.6.1)
      colorize (>= 0.7.7)
      em-http-request (>= 1.1.3)
      eventmachine (>= 1.2.0.1)
      eventmachine_httpserver (>= 0.2.1)
      i18n (>= 0.7.0)
      libnotify (>= 0.9.1)
      rbnacl (>= 3.4.0)
      rbnacl-libsodium (>= 1.0.10)
      ripl-readline-em
      sqlite3 (>= 1.3.11)

GEM
  remote: https://rubygems.org/
  specs:
    action_cable_client (1.3.2)
      activesupport (>= 5.0.0.beta4)
      em-websocket-client (>= 0.1.2)
    activemodel (5.0.0.rc1)
      activesupport (= 5.0.0.rc1)
    activerecord (5.0.0.rc1)
      activemodel (= 5.0.0.rc1)
      activesupport (= 5.0.0.rc1)
      arel (~> 7.0)
    activesupport (5.0.0.rc1)
      concurrent-ruby (~> 1.0, >= 1.0.2)
      i18n (~> 0.7)
      minitest (~> 5.1)
      tzinfo (~> 1.1)
    addressable (2.4.0)
    arel (7.0.0)
    ast (2.2.0)
    awesome_print (1.6.1)
    bond (0.5.1)
    byebug (8.2.5)
    codeclimate-test-reporter (0.5.0)
      simplecov (>= 0.7.1, < 1.0.0)
    coderay (1.1.1)
    colorize (0.7.7)
    concurrent-ruby (1.0.2)
    cookiejar (0.3.0)
    diff-lcs (1.2.5)
    docile (1.1.5)
    em-http-request (1.1.3)
      addressable (>= 2.3.4)
      cookiejar (<= 0.3.0)
      em-socksify (>= 0.3)
      eventmachine (>= 1.0.3)
      http_parser.rb (>= 0.6.0)
    em-socksify (0.3.1)
      eventmachine (>= 1.0.0.beta.4)
    em-websocket (0.5.1)
      eventmachine (>= 0.12.9)
      http_parser.rb (~> 0.6.0)
    em-websocket-client (0.1.2)
      eventmachine
      websocket
    eventmachine (1.2.0.1)
    eventmachine_httpserver (0.2.1)
    ffi (1.9.10)
    http_parser.rb (0.6.0)
    i18n (0.7.0)
    json (1.8.3)
    libnotify (0.9.1)
      ffi (>= 1.0.11)
    method_source (0.8.2)
    minitest (5.8.4)
    parser (2.3.1.0)
      ast (~> 2.2)
    powerpack (0.1.1)
    pry (0.10.3)
      coderay (~> 1.1.0)
      method_source (~> 0.8.1)
      slop (~> 3.4)
    pry-byebug (3.3.0)
      byebug (~> 8.0)
      pry (~> 0.10)
    rainbow (2.1.0)
    rbnacl (3.4.0)
      ffi
    rbnacl-libsodium (1.0.10)
      rbnacl (>= 3.0.1)
    ripl (0.7.1)
      bond (~> 0.5.1)
    ripl-readline-em (0.2.1)
      eventmachine
      ffi
      ripl (>= 0.4.2)
    rspec (3.4.0)
      rspec-core (~> 3.4.0)
      rspec-expectations (~> 3.4.0)
      rspec-mocks (~> 3.4.0)
    rspec-core (3.4.4)
      rspec-support (~> 3.4.0)
    rspec-expectations (3.4.0)
      diff-lcs (>= 1.2.0, < 2.0)
      rspec-support (~> 3.4.0)
    rspec-mocks (3.4.1)
      diff-lcs (>= 1.2.0, < 2.0)
      rspec-support (~> 3.4.0)
    rspec-support (3.4.1)
    rubocop (0.40.0)
      parser (>= 2.3.1.0, < 3.0)
      powerpack (~> 0.1)
      rainbow (>= 1.99.1, < 3.0)
      ruby-progressbar (~> 1.7)
      unicode-display_width (~> 1.0, >= 1.0.1)
    ruby-progressbar (1.8.1)
    simplecov (0.11.2)
      docile (~> 1.1.0)
      json (~> 1.8)
      simplecov-html (~> 0.10.0)
    simplecov-html (0.10.0)
    slop (3.6.0)
    sqlite3 (1.3.11)
    thread_safe (0.3.5)
    tzinfo (1.2.2)
      thread_safe (~> 0.1)
    unicode-display_width (1.0.5)
    websocket (1.2.3)
    yard (0.8.7.6)

PLATFORMS
  ruby

DEPENDENCIES
  codeclimate-test-reporter
  em-websocket
  meshchat!
  pry-byebug
  rspec
  rubocop
  yard

BUNDLED WITH
   1.12.1
